GEM
  remote: http://rubygems.org/
  specs:
    activemodel (3.0.0)
      activesupport (= 3.0.0)
      builder (~> 2.1.2)
      i18n (~> 0.4.1)
    activesupport (3.0.0)
    bson (1.1.1)
    bson_ext (1.1.1)
    builder (2.1.2)
    i18n (0.4.2)
    mongo (1.1.1)
      bson (>= 1.1.1)
    mongoid (2.0.0.beta.20)
      activemodel (~> 3.0)
      mongo (~> 1.1)
      tzinfo (~> 0.3.22)
      will_paginate (~> 3.0.pre)
    rack (1.2.1)
    sinatra (1.1.0)
      rack (~> 1.1)
      tilt (~> 1.1)
    tilt (1.1)
    tzinfo (0.3.23)
    will_paginate (3.0.pre2)

PLATFORMS
  ruby
  x86-mingw32

DEPENDENCIES
  activesupport
  bson_ext (= 1.1.1)
  mongoid
  sinatra
